PATH
  remote: .
  specs:
    geokit-premier (0.0.7)
      hoe
      json_pure

GEM
  remote: http://rubygems.org/
  specs:
    ZenTest (4.4.2)
    activemodel (3.0.3)
      activesupport (= 3.0.3)
      builder (~> 2.1.2)
      i18n (~> 0.4)
    activerecord (3.0.3)
      activemodel (= 3.0.3)
      activesupport (= 3.0.3)
      arel (~> 2.0.2)
      tzinfo (~> 0.3.23)
    activesupport (3.0.3)
    arel (2.0.7)
    autotest (4.4.2)
    builder (2.1.2)
    diff-lcs (1.1.2)
    hoe (2.12.4)
      rake (~> 0.8)
    i18n (0.5.0)
    json_pure (1.6.3)
    mysql (2.8.1)
    rake (0.8.7)
    rspec (2.0.1)
      rspec-core (~> 2.0.1)
      rspec-expectations (~> 2.0.1)
      rspec-mocks (~> 2.0.1)
    rspec-core (2.0.1)
    rspec-expectations (2.0.1)
      diff-lcs (>= 1.1.2)
    rspec-mocks (2.0.1)
      rspec-core (~> 2.0.1)
      rspec-expectations (~> 2.0.1)
    standalone_migrations (0.3.0)
      activerecord
      rake
    tzinfo (0.3.24)

PLATFORMS
  ruby

DEPENDENCIES
  ZenTest
  autotest
  geokit-premier!
  mysql
  rspec
  standalone_migrations
